PATH
  remote: .
  specs:
    sencha-model (0.5.0)

GEM
  remote: http://rubygems.org/
  specs:
    activemodel (3.0.7)
      activesupport (= 3.0.7)
      builder (~> 2.1.2)
      i18n (~> 0.5.0)
    activerecord (3.0.7)
      activemodel (= 3.0.7)
      activesupport (= 3.0.7)
      arel (~> 2.0.2)
      tzinfo (~> 0.3.23)
    activesupport (3.0.7)
    arel (2.0.10)
    builder (2.1.2)
    extlib (0.9.15)
    i18n (0.5.0)
    mocha (0.9.12)
    rake (0.9.2.2)
    sequel (3.34.1)
    shoulda (2.11.3)
    sqlite3 (1.3.6)
    tzinfo (0.3.27)

PLATFORMS
  ruby

DEPENDENCIES
  activerecord (>= 3.0.0)
  extlib
  mocha
  rake
  sencha-model!
  sequel
  shoulda
  sqlite3
